GEM
  remote: https://rubygems.org/
  specs:
    activesupport (3.2.14)
      i18n (~> 0.6, >= 0.6.4)
      multi_json (~> 1.0)
    bubble-wrap (1.4.0)
    colored (1.2)
    i18n (0.6.5)
    ib (0.3.5)
      thor (>= 0.15.4)
      tilt (>= 1.4.1)
      xcodeproj (>= 0.11.1)
    motion-bundler (0.2.1)
      thor
    motion_data_wrapper (0.0.6)
      bubble-wrap
    multi_json (1.8.1)
    thor (0.18.1)
    tilt (1.4.1)
    xcodeproj (0.11.1)
      activesupport (~> 3.0)
      colored (~> 1.2)

PLATFORMS
  ruby

DEPENDENCIES
  bubble-wrap (= 1.4.0)
  ib
  motion-bundler
  motion_data_wrapper
